GIT
  remote: git://github.com/DavidEGrayson/em-websocket.git
  revision: 74b24de9e99115c15963f38e5d056464ad03d723
  specs:
    em-websocket (0.2.1)
      addressable (>= 2.1.1)
      eventmachine (>= 0.12.9)

GEM
  remote: http://rubygems.org/
  specs:
    addressable (2.2.4)
    eventmachine (0.12.10)

PLATFORMS
  ruby

DEPENDENCIES
  em-websocket!
  eventmachine
